PATH
  remote: .
  specs:
    ember-source (1.10.0.beta.1.canary)
      handlebars-source (~> 2.0)

GEM
  remote: https://rubygems.org/
  specs:
    handlebars-source (2.0.0)

PLATFORMS
  ruby

DEPENDENCIES
  ember-source!
