PATH
  remote: .
  specs:
    ember-source (1.10.0.beta.4)

GEM
  remote: https://rubygems.org/
  specs:

PLATFORMS
  ruby

DEPENDENCIES
  ember-source!
