PATH
  remote: .
  specs:
    ember-source (1.11.0.beta.1.canary)

GEM
  remote: https://rubygems.org/
  specs:

PLATFORMS
  ruby

DEPENDENCIES
  ember-source!
